GEM
  remote: https://rubygems.org/
  specs:
    aws-sdk (1.6.9)
      httparty (~> 0.7)
      json (~> 1.4)
      nokogiri (>= 1.4.4)
      uuidtools (~> 2.1)
    cocoapods-downloader (0.1.0)
    coderay (1.0.9)
    guard (1.6.2)
      listen (>= 0.6.0)
      lumberjack (>= 1.0.2)
      pry (>= 0.9.10)
      terminal-table (>= 1.4.3)
      thor (>= 0.14.6)
    guard-ruby (0.0.1)
      guard
    httparty (0.10.2)
      multi_json (~> 1.0)
      multi_xml (>= 0.5.2)
    json (1.7.7)
    listen (0.7.3)
    lumberjack (1.0.2)
    method_source (0.8.1)
    multi_json (1.6.1)
    multi_xml (0.5.3)
    nokogiri (1.5.6)
    pry (0.9.12)
      coderay (~> 1.0.5)
      method_source (~> 0.8)
      slop (~> 3.4)
    rb-fsevent (0.9.3)
    s3-deploy (0.0.1)
      aws-sdk (= 1.6.9)
    slop (3.4.3)
    terminal-table (1.4.5)
    thor (0.17.0)
    uuidtools (2.1.3)

PLATFORMS
  ruby

DEPENDENCIES
  cocoapods-downloader
  guard-ruby
  rb-fsevent
  s3-deploy (~> 0.0.1)
