GEM
  remote: https://rubygems.org/
  specs:
    activesupport (3.2.12)
      i18n (~> 0.6)
      multi_json (~> 1.0)
    addressable (2.3.3)
    aws-s3 (0.6.3)
      builder
      mime-types
      xml-simple
    builder (3.2.0)
    cocoapods-core (0.17.0.rc2)
      activesupport (~> 3.2.6)
      faraday (~> 0.8.1)
      octokit (~> 1.7)
      rake (~> 10.0.0)
    cocoapods-downloader (0.1.0)
    coderay (1.0.9)
    faraday (0.8.5)
      multipart-post (~> 1.1)
    faraday_middleware (0.9.0)
      faraday (>= 0.7.4, < 0.9)
    guard (1.6.2)
      listen (>= 0.6.0)
      lumberjack (>= 1.0.2)
      pry (>= 0.9.10)
      terminal-table (>= 1.4.3)
      thor (>= 0.14.6)
    guard-ruby (0.0.1)
      guard
    hashie (1.2.0)
    i18n (0.6.1)
    listen (0.7.3)
    lumberjack (1.0.2)
    method_source (0.8.1)
    mime-types (1.21)
    multi_json (1.6.1)
    multipart-post (1.1.5)
    netrc (0.7.7)
    octokit (1.23.0)
      addressable (~> 2.2)
      faraday (~> 0.8)
      faraday_middleware (~> 0.9)
      hashie (~> 1.2)
      multi_json (~> 1.3)
      netrc (~> 0.7.7)
    pry (0.9.12)
      coderay (~> 1.0.5)
      method_source (~> 0.8)
      slop (~> 3.4)
    rake (10.0.3)
    rb-fsevent (0.9.3)
    slop (3.4.3)
    terminal-table (1.4.5)
    thor (0.17.0)
    xml-simple (1.1.2)

PLATFORMS
  ruby

DEPENDENCIES
  aws-s3
  cocoapods-core
  cocoapods-downloader
  guard-ruby
  rb-fsevent
