GEM
  remote: https://rubygems.org/
  specs:
    activesupport (3.2.13)
      i18n (= 0.6.1)
      multi_json (~> 1.0)
    addressable (2.3.3)
    claide (0.2.0)
    cocoapods (0.17.1)
      activesupport (~> 3.2.13)
      claide (~> 0.2.0)
      cocoapods-core (= 0.17.1)
      cocoapods-downloader (~> 0.1.0)
      colored (~> 1.2)
      escape (~> 0.0.4)
      faraday (~> 0.8.1)
      json (~> 1.7.3)
      octokit (~> 1.7)
      open4 (~> 1.3.0)
      rake (~> 10.0.0)
      xcodeproj (~> 0.5.2)
    cocoapods-core (0.17.1)
      activesupport (~> 3.2.13)
      faraday (~> 0.8.1)
      octokit (~> 1.7)
      rake (~> 10.0.0)
    cocoapods-downloader (0.1.0)
    coderay (1.0.9)
    colored (1.2)
    escape (0.0.4)
    faraday (0.8.7)
      multipart-post (~> 1.1)
    faraday_middleware (0.9.0)
      faraday (>= 0.7.4, < 0.9)
    formatador (0.2.4)
    guard (1.7.0)
      formatador (>= 0.2.4)
      listen (>= 0.6.0)
      lumberjack (>= 1.0.2)
      pry (>= 0.9.10)
      thor (>= 0.14.6)
    guard-ruby (0.0.1)
      guard
    guard-shell (0.5.1)
      guard (>= 1.1.0)
    hashie (2.0.3)
    i18n (0.6.1)
    json (1.7.7)
    listen (0.7.3)
    lumberjack (1.0.3)
    method_source (0.8.1)
    multi_json (1.7.2)
    multipart-post (1.2.0)
    netrc (0.7.7)
    octokit (1.24.0)
      addressable (~> 2.2)
      faraday (~> 0.8)
      faraday_middleware (~> 0.9)
      hashie (~> 2.0)
      multi_json (~> 1.3)
      netrc (~> 0.7.7)
    open4 (1.3.0)
    pry (0.9.12)
      coderay (~> 1.0.5)
      method_source (~> 0.8)
      slop (~> 3.4)
    rack (1.5.2)
    rack-protection (1.5.0)
      rack
    rake (10.0.4)
    rb-fsevent (0.9.3)
    sass (3.2.7)
    sinatra (1.4.2)
      rack (~> 1.5, >= 1.5.2)
      rack-protection (~> 1.4)
      tilt (~> 1.3, >= 1.3.4)
    slim (1.3.6)
      temple (~> 0.5.5)
      tilt (~> 1.3.3)
    slop (3.4.4)
    temple (0.5.5)
    thor (0.18.1)
    tilt (1.3.6)
    xcodeproj (0.5.2)
      activesupport (~> 3.2.6)
      colored (~> 1.2)

PLATFORMS
  ruby

DEPENDENCIES
  cocoapods (= 0.17.1)
  cocoapods-core
  cocoapods-downloader
  colored (~> 1.2)
  guard-ruby
  guard-shell
  octokit
  rb-fsevent
  sass
  sinatra
  slim
