GEM
  remote: https://rubygems.org/
  specs:
    activesupport (3.2.13)
      i18n (= 0.6.1)
      multi_json (~> 1.0)
    addressable (2.3.5)
    claide (0.3.2)
    cocoapods (0.22.2)
      activesupport (~> 3.2.13)
      claide (~> 0.3.2)
      cocoapods-core (= 0.22.2)
      cocoapods-downloader (~> 0.1.1)
      colored (~> 1.2)
      escape (~> 0.0.4)
      json (~> 1.8.0)
      open4 (~> 1.3.0)
      xcodeproj (~> 0.8.1)
    cocoapods-core (0.22.2)
      activesupport (~> 3.2.13)
      json (~> 1.8.0)
      nap (~> 0.5.1)
    cocoapods-downloader (0.1.1)
    coderay (1.0.9)
    colored (1.2)
    escape (0.0.4)
    faraday (0.8.7)
      multipart-post (~> 1.1)
    faraday_middleware (0.9.0)
      faraday (>= 0.7.4, < 0.9)
    ffi (1.9.0)
    formatador (0.2.4)
    guard (1.8.1)
      formatador (>= 0.2.4)
      listen (>= 1.0.0)
      lumberjack (>= 1.0.2)
      pry (>= 0.9.10)
      thor (>= 0.14.6)
    guard-ruby (0.0.1)
      guard
    guard-shell (0.5.1)
      guard (>= 1.1.0)
    hashie (2.0.5)
    i18n (0.6.1)
    json (1.8.0)
    listen (1.2.2)
      rb-fsevent (>= 0.9.3)
      rb-inotify (>= 0.9)
      rb-kqueue (>= 0.2)
    lumberjack (1.0.4)
    method_source (0.8.1)
    mini_portile (0.5.1)
    multi_json (1.7.7)
    multipart-post (1.2.0)
    nap (0.5.1)
    netrc (0.7.7)
    nokogiri (1.6.0)
      mini_portile (~> 0.5.0)
    octokit (1.25.0)
      addressable (~> 2.2)
      faraday (~> 0.8)
      faraday_middleware (~> 0.9)
      hashie (~> 2.0)
      multi_json (~> 1.3)
      netrc (~> 0.7.7)
    open4 (1.3.0)
    pry (0.9.12.2)
      coderay (~> 1.0.5)
      method_source (~> 0.8)
      slop (~> 3.4)
    rack (1.5.2)
    rack-protection (1.5.0)
      rack
    rb-fsevent (0.9.3)
    rb-inotify (0.9.0)
      ffi (>= 0.5.0)
    rb-kqueue (0.2.0)
      ffi (>= 0.5.0)
    sass (3.2.9)
    sinatra (1.4.3)
      rack (~> 1.4)
      rack-protection (~> 1.4)
      tilt (~> 1.3, >= 1.3.4)
    slim (2.0.0)
      temple (~> 0.6.5)
      tilt (~> 1.3, >= 1.3.3)
    slop (3.4.5)
    temple (0.6.5)
    thor (0.18.1)
    tilt (1.4.1)
    xcodeproj (0.8.1)
      activesupport (~> 3.2.13)
      colored (~> 1.2)

PLATFORMS
  ruby

DEPENDENCIES
  cocoapods
  cocoapods-core
  cocoapods-downloader
  colored (~> 1.2)
  guard-ruby
  guard-shell
  nokogiri
  octokit
  rb-fsevent
  sass
  sinatra
  slim
  tilt
