GEM
  remote: https://rubygems.org/
  specs:
    POpen4 (0.1.4)
      Platform (>= 0.4.0)
      open4
    Platform (0.4.0)
    activesupport (3.2.17)
      i18n (~> 0.6, >= 0.6.4)
      multi_json (~> 1.0)
    addressable (2.3.5)
    celluloid (0.15.2)
      timers (~> 1.1.0)
    claide (0.5.0)
    cocoapods (0.31.1)
      activesupport (>= 3.2.15, < 4)
      claide (~> 0.5.0)
      cocoapods-core (= 0.31.1)
      cocoapods-downloader (~> 0.4.1)
      cocoapods-try (~> 0.2.0)
      colored (~> 1.2)
      escape (~> 0.0.4)
      json_pure (~> 1.8)
      nap (~> 0.5)
      open4 (~> 1.3)
      xcodeproj (~> 0.16.0)
    cocoapods-core (0.31.1)
      activesupport (>= 3.2.15, < 4)
      fuzzy_match (~> 2.0.4)
      json_pure (~> 1.8)
      nap (~> 0.5)
    cocoapods-downloader (0.4.1)
    cocoapods-try (0.2.0)
    coderay (1.1.0)
    colored (1.2)
    escape (0.0.4)
    faraday (0.8.8)
      multipart-post (~> 1.2.0)
    ffi (1.9.3)
    formatador (0.2.4)
    fuzzy_match (2.0.4)
    guard (2.2.4)
      formatador (>= 0.2.4)
      listen (~> 2.1)
      lumberjack (~> 1.0)
      pry (>= 0.9.12)
      thor (>= 0.18.1)
    guard-ruby (0.0.1)
      guard
    guard-shell (0.5.2)
      guard (>= 1.1.0)
    htmlcompressor (0.0.7)
      yui-compressor (~> 0.9.6)
    i18n (0.6.9)
    json_pure (1.8.1)
    listen (2.4.0)
      celluloid (>= 0.15.2)
      rb-fsevent (>= 0.9.3)
      rb-inotify (>= 0.9)
    lumberjack (1.0.4)
    method_source (0.8.2)
    mini_portile (0.5.2)
    multi_json (1.9.2)
    multipart-post (1.2.0)
    nap (0.7.0)
    nokogiri (1.6.0)
      mini_portile (~> 0.5.0)
    octokit (2.6.3)
      sawyer (~> 0.5.1)
    open4 (1.3.0)
    pry (0.9.12.4)
      coderay (~> 1.0)
      method_source (~> 0.8)
      slop (~> 3.4)
    rack (1.5.2)
    rack-protection (1.5.2)
      rack
    rb-fsevent (0.9.3)
    rb-inotify (0.9.2)
      ffi (>= 0.5.0)
    sass (3.2.12)
    sawyer (0.5.1)
      addressable (~> 2.3.5)
      faraday (~> 0.8, < 0.10)
    sinatra (1.3.1)
      rack (~> 1.3, >= 1.3.4)
      rack (~> 1.3, >= 1.3.4)
      rack-protection (~> 1.1, >= 1.1.2)
      rack-protection (~> 1.1, >= 1.1.2)
      tilt (~> 1.3, >= 1.3.3)
      tilt (~> 1.3, >= 1.3.3)
    slim (1.3.9)
      temple (~> 0.6.3)
      tilt (~> 1.3, >= 1.3.3)
    slop (3.4.7)
    temple (0.6.7)
    thor (0.18.1)
    tilt (1.4.1)
    timers (1.1.0)
    xcodeproj (0.16.0)
      activesupport (~> 3.0)
      colored (~> 1.2)
    yui-compressor (0.9.6)
      POpen4 (>= 0.1.4)

PLATFORMS
  ruby

DEPENDENCIES
  cocoapods
  cocoapods-core
  cocoapods-downloader
  colored (~> 1.2)
  guard-ruby
  guard-shell
  htmlcompressor
  nokogiri
  octokit
  rb-fsevent
  sass
  sinatra (= 1.3.1)
  slim (< 2.0)
  tilt (= 1.4.1)
